GEM
  remote: http://rubygems.org/
  specs:
    csv_hasher (0.1.0)
    yml_reader (0.4)

PLATFORMS
  ruby

DEPENDENCIES
  csv_hasher
  yml_reader
